GEM
  remote: https://rubygems.org/
  specs:
    mini_portile (0.6.2)
    nokogiri (1.6.6.2)
      mini_portile (~> 0.6.0)
    os (0.9.6)
    terminal-notifier (1.6.2)

PLATFORMS
  ruby

DEPENDENCIES
  nokogiri
  os
  terminal-notifier
