GEM
  remote: https://rubygems.org/
  specs:
    os (0.9.6)

PLATFORMS
  ruby

DEPENDENCIES
  os
